GEM
  remote: http://rubygems.org/
  specs:
    activesupport (3.2.13)
      i18n (= 0.6.1)
      multi_json (~> 1.0)
    git (1.2.5)
    i18n (0.6.1)
    jeweler (1.8.4)
      bundler (~> 1.0)
      git (>= 1.2.5)
      rake
      rdoc
    json (1.8.0)
    json (1.8.0-java)
    kramdown (1.0.2)
    multi_json (1.7.6)
    rake (10.0.4)
    rdoc (3.12.2)
      json (~> 1.4)
    shoulda (3.5.0)
      shoulda-context (~> 1.0, >= 1.0.1)
      shoulda-matchers (>= 1.4.1, < 3.0)
    shoulda-context (1.1.2)
    shoulda-matchers (2.2.0)
      activesupport (>= 3.0.0)
    yard (0.8.6.1)

PLATFORMS
  java
  ruby

DEPENDENCIES
  bundler (~> 1.3.5)
  jeweler (~> 1.8.4)
  kramdown
  shoulda
  yard
